GEM
  remote: https://rubygems.org/
  specs:
    json (1.8.6)
    mail (2.6.4)
      mime-types (>= 1.16, < 4)
    mime-types (3.1)
      mime-types-data (~> 3.2015)
    mime-types-data (3.2016.0521)
    moonrope-client (1.0.2)
      json (~> 1.8, >= 1.8.0)

PLATFORMS
  ruby

DEPENDENCIES
  json
  mail
  moonrope-client

BUNDLED WITH
   1.14.5
